GEM
  remote: https://rubygems.org/
  specs:
    activesupport (5.2.0)
      concurrent-ruby (~> 1.0, >= 1.0.2)
      i18n (>= 0.7, < 2)
      minitest (~> 5.1)
      tzinfo (~> 1.1)
    addressable (2.5.2)
      public_suffix (>= 2.0.2, < 4.0)
    algolia_html_extractor (2.6.1)
      json (~> 2.0)
      nokogiri (~> 1.8.2)
    algoliasearch (1.19.2)
      httpclient (~> 2.8, >= 2.8.3)
      json (>= 1.5.1)
    colorator (1.1.0)
    colorize (0.8.1)
    concurrent-ruby (1.0.5)
    em-websocket (0.5.1)
      eventmachine (>= 0.12.9)
      http_parser.rb (~> 0.6.0)
    ethon (0.11.0)
      ffi (>= 1.3.0)
    eventmachine (1.2.5)
    faraday (0.15.0)
      multipart-post (>= 1.2, < 3)
    ffi (1.9.23)
    filesize (0.1.1)
    forwardable-extended (2.6.0)
    html-proofer (3.8.0)
      activesupport (>= 4.2, < 6.0)
      addressable (~> 2.3)
      colorize (~> 0.8)
      mercenary (~> 0.3.2)
      nokogiri (~> 1.8.1)
      parallel (~> 1.3)
      typhoeus (~> 1.3)
      yell (~> 2.0)
    httmultiparty (0.3.16)
      httparty (>= 0.7.3)
      mimemagic
      multipart-post
    http_parser.rb (0.6.0)
    httparty (0.14.0)
      multi_xml (>= 0.5.2)
    httpclient (2.8.3)
    i18n (0.9.5)
      concurrent-ruby (~> 1.0)
    jekyll (3.7.3)
      addressable (~> 2.4)
      colorator (~> 1.0)
      em-websocket (~> 0.5)
      i18n (~> 0.7)
      jekyll-sass-converter (~> 1.0)
      jekyll-watch (~> 2.0)
      kramdown (~> 1.14)
      liquid (~> 4.0)
      mercenary (~> 0.3.3)
      pathutil (~> 0.9)
      rouge (>= 1.7, < 4)
      safe_yaml (~> 1.0)
    jekyll-algolia (1.4.0)
      algolia_html_extractor (~> 2.6.1)
      algoliasearch (~> 1.18)
      filesize (~> 0.1)
      jekyll (~> 3.0)
      json (~> 2.0)
      nokogiri (~> 1.6)
      progressbar (~> 1.9)
      verbal_expressions (~> 0.1.5)
    jekyll-archives (2.1.1)
      jekyll (>= 2.4)
    jekyll-feed (0.9.3)
      jekyll (~> 3.3)
    jekyll-gist (1.5.0)
      octokit (~> 4.2)
    jekyll-menus (0.6.0)
      jekyll (~> 3.1)
    jekyll-paginate-v2 (1.9.4)
      jekyll (~> 3.0)
    jekyll-redirect-from (0.13.0)
      jekyll (~> 3.3)
    jekyll-sass-converter (1.5.2)
      sass (~> 3.4)
    jekyll-seo-tag (2.4.0)
      jekyll (~> 3.3)
    jekyll-sitemap (1.2.0)
      jekyll (~> 3.3)
    jekyll-toc (0.5.2)
      nokogiri (~> 1.6)
    jekyll-twitter-plugin (2.0.0)
    jekyll-watch (2.0.0)
      listen (~> 3.0)
    json (2.1.0)
    kramdown (1.16.2)
    liquid (4.0.0)
    listen (3.1.5)
      rb-fsevent (~> 0.9, >= 0.9.4)
      rb-inotify (~> 0.9, >= 0.9.7)
      ruby_dep (~> 1.2)
    mercenary (0.3.6)
    mimemagic (0.3.2)
    mini_portile2 (2.3.0)
    minitest (5.11.3)
    multi_xml (0.6.0)
    multipart-post (2.0.0)
    nokogiri (1.8.2)
      mini_portile2 (~> 2.3.0)
    octokit (4.8.0)
      sawyer (~> 0.8.0, >= 0.5.3)
    parallel (1.12.1)
    pathutil (0.16.1)
      forwardable-extended (~> 2.6)
    progressbar (1.9.0)
    psych (3.0.2)
    public_suffix (3.0.2)
    rack (2.0.5)
    rake (12.3.1)
    rb-fsevent (0.10.3)
    rb-inotify (0.9.10)
      ffi (>= 0.5.0, < 2)
    rouge (3.1.1)
    ruby_dep (1.5.0)
    safe_yaml (1.0.4)
    sass (3.5.6)
      sass-listen (~> 4.0.0)
    sass-listen (4.0.0)
      rb-fsevent (~> 0.9, >= 0.9.4)
      rb-inotify (~> 0.9, >= 0.9.7)
    sawyer (0.8.1)
      addressable (>= 2.3.5, < 2.6)
      faraday (~> 0.8, < 1.0)
    siteleaf (2.0.2)
      httmultiparty (~> 0.3.13)
      httparty (~> 0.14.0)
      psych (>= 2.0.17)
      rack
    thread_safe (0.3.6)
    typhoeus (1.3.0)
      ethon (>= 0.9.0)
    tzinfo (1.2.5)
      thread_safe (~> 0.1)
    verbal_expressions (0.1.5)
    yell (2.0.7)

PLATFORMS
  ruby

DEPENDENCIES
  html-proofer
  jekyll (~> 3.7.3)
  jekyll-algolia (~> 1.0)
  jekyll-archives
  jekyll-feed (~> 0.6)
  jekyll-gist
  jekyll-menus
  jekyll-paginate-v2
  jekyll-redirect-from
  jekyll-seo-tag
  jekyll-sitemap
  jekyll-toc
  jekyll-twitter-plugin
  kramdown
  rake
  rouge
  siteleaf
  tzinfo-data

RUBY VERSION
   ruby 2.5.1p57

BUNDLED WITH
   1.16.1
